NUGET
  remote: https://www.nuget.org/api/v2
  specs:
    AppDomainToolkit (1.0.4.1)
    Autofac (3.3.1)
    Autofac.Extras.FakeItEasy (3.0.2)
      Autofac (>= 3.3.1 < 4.0)
      FakeItEasy (>= 1.18)
    AutoPoco (1.0)
    CsQuery (1.3.4)
    FakeItEasy (1.18)
    FluentAssertions (2.2)
    FubuCore (1.0.0.225)
    FubuCsProjFile (1.1.0.83)
      FubuCore (>= 1.0)
    Microsoft.CSharp (4.3)
      System.Collections (>= 4.3) - framework: dnxcore50, >= netstandard13
      System.Diagnostics.Debug (>= 4.3) - framework: dnxcore50, >= netstandard13
      System.Dynamic.Runtime (>= 4.3) - framework: dnxcore50, netstandard10, >= netstandard13
      System.Globalization (>= 4.3) - framework: dnxcore50, >= netstandard13
      System.Linq (>= 4.3) - framework: dnxcore50, >= netstandard13
      System.Linq.Expressions (>= 4.3) - framework: dnxcore50, netstandard10, >= netstandard13
      System.ObjectModel (>= 4.3) - framework: dnxcore50, >= netstandard13
      System.Reflection (>= 4.3) - framework: dnxcore50, >= netstandard13
      System.Reflection.Extensions (>= 4.3) - framework: dnxcore50, >= netstandard13
      System.Reflection.Primitives (>= 4.3) - framework: dnxcore50, >= netstandard13
      System.Reflection.TypeExtensions (>= 4.3) - framework: dnxcore50, >= netstandard13
      System.Resources.ResourceManager (>= 4.3) - framework: dnxcore50, >= netstandard13
      System.Runtime (>= 4.3) - framework: dnxcore50, netstandard10, >= netstandard13
      System.Runtime.Extensions (>= 4.3) - framework: dnxcore50, >= netstandard13
      System.Runtime.InteropServices (>= 4.3) - framework: dnxcore50, >= netstandard13
      System.Threading (>= 4.3) - framework: dnxcore50, >= netstandard13
    Microsoft.NETCore.Platforms (1.1)
    Microsoft.NETCore.Targets (1.1)
    Microsoft.Win32.Primitives (4.3) - framework: netstandard13
      Microsoft.NETCore.Platforms (>= 1.1) - framework: >= netstandard13
      Microsoft.NETCore.Targets (>= 1.1) - framework: >= netstandard13
      System.Runtime (>= 4.3) - framework: >= netstandard13
    Moq (4.2.1312.1622)
    NETStandard.Library (2.0.3) - framework: netstandard10, netstandard13
      Microsoft.NETCore.Platforms (>= 1.1)
      Microsoft.Win32.Primitives (>= 4.3) - framework: net46, >= netstandard13
      System.AppContext (>= 4.3) - framework: net46, >= netstandard13
      System.Collections (>= 4.3) - framework: >= netstandard10
      System.Collections.Concurrent (>= 4.3) - framework: >= netstandard11
      System.Console (>= 4.3) - framework: net46, >= netstandard13
      System.Diagnostics.Debug (>= 4.3) - framework: >= netstandard10
      System.Diagnostics.Tools (>= 4.3) - framework: >= netstandard10
      System.Diagnostics.Tracing (>= 4.3) - framework: >= netstandard11
      System.Globalization (>= 4.3) - framework: >= netstandard10
      System.Globalization.Calendars (>= 4.3) - framework: net46, >= netstandard13
      System.IO (>= 4.3) - framework: >= netstandard10
      System.IO.Compression (>= 4.3) - framework: net46, >= netstandard11
      System.IO.Compression.ZipFile (>= 4.3) - framework: net46, >= netstandard13
      System.IO.FileSystem (>= 4.3) - framework: net46, >= netstandard13
      System.IO.FileSystem.Primitives (>= 4.3) - framework: net46, >= netstandard13
      System.Linq (>= 4.3) - framework: >= netstandard10
      System.Linq.Expressions (>= 4.3) - framework: >= netstandard10
      System.Net.Http (>= 4.3.2) - framework: net46, >= netstandard11
      System.Net.Primitives (>= 4.3) - framework: >= netstandard10
      System.Net.Sockets (>= 4.3) - framework: net46, >= netstandard13
      System.ObjectModel (>= 4.3) - framework: >= netstandard10
      System.Reflection (>= 4.3) - framework: >= netstandard10
      System.Reflection.Extensions (>= 4.3) - framework: >= netstandard10
      System.Reflection.Primitives (>= 4.3) - framework: >= netstandard10
      System.Resources.ResourceManager (>= 4.3) - framework: >= netstandard10
      System.Runtime (>= 4.3) - framework: >= netstandard10
      System.Runtime.Extensions (>= 4.3) - framework: >= netstandard10
      System.Runtime.Handles (>= 4.3) - framework: >= netstandard13
      System.Runtime.InteropServices (>= 4.3) - framework: >= netstandard11
      System.Runtime.InteropServices.RuntimeInformation (>= 4.3) - framework: net45, net46, >= netstandard11, portable45-net45+win8, portable45-net45+win8+wpa81, winv4.5, wpav8.1
      System.Runtime.Numerics (>= 4.3) - framework: >= netstandard11
      System.Security.Cryptography.Algorithms (>= 4.3) - framework: net46, >= netstandard13
      System.Security.Cryptography.Encoding (>= 4.3) - framework: net46, >= netstandard13
      System.Security.Cryptography.Primitives (>= 4.3) - framework: net46, >= netstandard13
      System.Security.Cryptography.X509Certificates (>= 4.3) - framework: net46, >= netstandard13
      System.Text.Encoding (>= 4.3) - framework: >= netstandard10
      System.Text.Encoding.Extensions (>= 4.3) - framework: >= netstandard10
      System.Text.RegularExpressions (>= 4.3) - framework: >= netstandard10
      System.Threading (>= 4.3) - framework: >= netstandard10
      System.Threading.Tasks (>= 4.3) - framework: >= netstandard10
      System.Threading.Timer (>= 4.3) - framework: >= netstandard12
      System.Xml.ReaderWriter (>= 4.3) - framework: net46, >= netstandard10
      System.Xml.XDocument (>= 4.3) - framework: >= netstandard10
    Newtonsoft.Json (11.0.2)
      Microsoft.CSharp (>= 4.3) - framework: netstandard10, netstandard13
      NETStandard.Library (>= 1.6.1) - framework: netstandard10, netstandard13
      System.ComponentModel.TypeConverter (>= 4.3) - framework: netstandard10, netstandard13
      System.Runtime.Serialization.Formatters (>= 4.3) - framework: netstandard13
      System.Runtime.Serialization.Primitives (>= 4.3) - framework: netstandard10, netstandard13
      System.Xml.XmlDocument (>= 4.3) - framework: netstandard13
    NuGet.CommandLine (2.8.3)
    NUnit (2.6.4)
    RazorMachine (2.6.1)
    runtime.debian.8-x64.runtime.native.System.Security.Cryptography.OpenSsl (4.3.2) - framework: netstandard13
    runtime.fedora.23-x64.runtime.native.System.Security.Cryptography.OpenSsl (4.3.2) - framework: netstandard13
    runtime.fedora.24-x64.runtime.native.System.Security.Cryptography.OpenSsl (4.3.2) - framework: netstandard13
    runtime.native.System (4.3) - framework: netstandard13
      Microsoft.NETCore.Platforms (>= 1.1)
      Microsoft.NETCore.Targets (>= 1.1)
    runtime.native.System.IO.Compression (4.3) - framework: netstandard13
      Microsoft.NETCore.Platforms (>= 1.1)
      Microsoft.NETCore.Targets (>= 1.1)
    runtime.native.System.Security.Cryptography.OpenSsl (4.3.2) - framework: netstandard13
      runtime.debian.8-x64.runtime.native.System.Security.Cryptography.OpenSsl (>= 4.3.2)
      runtime.fedora.23-x64.runtime.native.System.Security.Cryptography.OpenSsl (>= 4.3.2)
      runtime.fedora.24-x64.runtime.native.System.Security.Cryptography.OpenSsl (>= 4.3.2)
      runtime.opensuse.13.2-x64.runtime.native.System.Security.Cryptography.OpenSsl (>= 4.3.2)
      runtime.opensuse.42.1-x64.runtime.native.System.Security.Cryptography.OpenSsl (>= 4.3.2)
      runtime.osx.10.10-x64.runtime.native.System.Security.Cryptography.OpenSsl (>= 4.3.2)
      runtime.rhel.7-x64.runtime.native.System.Security.Cryptography.OpenSsl (>= 4.3.2)
      runtime.ubuntu.14.04-x64.runtime.native.System.Security.Cryptography.OpenSsl (>= 4.3.2)
      runtime.ubuntu.16.04-x64.runtime.native.System.Security.Cryptography.OpenSsl (>= 4.3.2)
      runtime.ubuntu.16.10-x64.runtime.native.System.Security.Cryptography.OpenSsl (>= 4.3.2)
    runtime.opensuse.13.2-x64.runtime.native.System.Security.Cryptography.OpenSsl (4.3.2) - framework: netstandard13
    runtime.opensuse.42.1-x64.runtime.native.System.Security.Cryptography.OpenSsl (4.3.2) - framework: netstandard13
    runtime.osx.10.10-x64.runtime.native.System.Security.Cryptography.OpenSsl (4.3.2) - framework: netstandard13
    runtime.rhel.7-x64.runtime.native.System.Security.Cryptography.OpenSsl (4.3.2) - framework: netstandard13
    runtime.ubuntu.14.04-x64.runtime.native.System.Security.Cryptography.OpenSsl (4.3.2) - framework: netstandard13
    runtime.ubuntu.16.04-x64.runtime.native.System.Security.Cryptography.OpenSsl (4.3.2) - framework: netstandard13
    runtime.ubuntu.16.10-x64.runtime.native.System.Security.Cryptography.OpenSsl (4.3.2) - framework: netstandard13
    ShellProgressBar (1.0)
    SimpleJson (0.32)
    System.AppContext (4.3) - framework: netstandard13
      System.Runtime (>= 4.3) - framework: dnxcore50, netstandard13, >= netstandard15
    System.Buffers (4.5) - framework: netstandard13
    System.Collections (4.3)
      Microsoft.NETCore.Platforms (>= 1.1) - framework: dnxcore50, netstandard10, >= netstandard13
      Microsoft.NETCore.Targets (>= 1.1) - framework: dnxcore50, netstandard10, >= netstandard13
      System.Runtime (>= 4.3) - framework: dnxcore50, netstandard10, >= netstandard13
    System.Collections.Concurrent (4.3) - framework: netstandard13
      System.Collections (>= 4.3) - framework: dnxcore50, >= netstandard13
      System.Diagnostics.Debug (>= 4.3) - framework: dnxcore50, >= netstandard13
      System.Diagnostics.Tracing (>= 4.3) - framework: dnxcore50, >= netstandard13
      System.Globalization (>= 4.3) - framework: dnxcore50, >= netstandard13
      System.Reflection (>= 4.3) - framework: >= netstandard13
      System.Resources.ResourceManager (>= 4.3) - framework: dnxcore50, >= netstandard13
      System.Runtime (>= 4.3) - framework: dnxcore50, netstandard11, >= netstandard13
      System.Runtime.Extensions (>= 4.3) - framework: dnxcore50, >= netstandard13
      System.Threading (>= 4.3) - framework: dnxcore50, >= netstandard13
      System.Threading.Tasks (>= 4.3) - framework: dnxcore50, netstandard11, >= netstandard13
    System.ComponentModel (4.3) - framework: netstandard10
      System.Runtime (>= 4.3) - framework: dnxcore50, netstandard10, >= netstandard13
    System.ComponentModel.Primitives (4.3) - framework: netstandard10
      System.ComponentModel (>= 4.3) - framework: >= netstandard10
      System.Resources.ResourceManager (>= 4.3) - framework: >= netstandard10
      System.Runtime (>= 4.3) - framework: >= netstandard10
    System.ComponentModel.TypeConverter (4.3) - framework: netstandard10, netstandard13
      System.Collections (>= 4.3) - framework: netstandard10, >= netstandard15
      System.ComponentModel (>= 4.3) - framework: netstandard10, >= netstandard15
      System.ComponentModel.Primitives (>= 4.3) - framework: >= net45, netstandard10, >= netstandard15, winv4.5, wpv8.0, wpav8.1
      System.Globalization (>= 4.3) - framework: netstandard10, >= netstandard15
      System.Reflection (>= 4.3) - framework: netstandard10, >= netstandard15
      System.Reflection.Extensions (>= 4.3) - framework: netstandard10, >= netstandard15
      System.Reflection.Primitives (>= 4.3) - framework: netstandard10, >= netstandard15
      System.Resources.ResourceManager (>= 4.3) - framework: netstandard10, >= netstandard15
      System.Runtime (>= 4.3) - framework: netstandard10, >= netstandard15
      System.Runtime.Extensions (>= 4.3) - framework: netstandard10, >= netstandard15
      System.Threading (>= 4.3) - framework: netstandard10, >= netstandard15
    System.Console (4.3) - framework: netstandard13
      Microsoft.NETCore.Platforms (>= 1.1) - framework: >= netstandard13
      Microsoft.NETCore.Targets (>= 1.1) - framework: >= netstandard13
      System.IO (>= 4.3) - framework: >= netstandard13
      System.Runtime (>= 4.3) - framework: >= netstandard13
      System.Text.Encoding (>= 4.3) - framework: >= netstandard13
    System.Diagnostics.Contracts (4.3) - framework: dnxcore50
      System.Runtime (>= 4.3) - framework: dnxcore50, >= netstandard10
    System.Diagnostics.Debug (4.3)
      Microsoft.NETCore.Platforms (>= 1.1) - framework: dnxcore50, netstandard10, >= netstandard13
      Microsoft.NETCore.Targets (>= 1.1) - framework: dnxcore50, netstandard10, >= netstandard13
      System.Runtime (>= 4.3) - framework: dnxcore50, netstandard10, >= netstandard13
    System.Diagnostics.DiagnosticSource (4.5) - framework: netstandard13
      System.Collections (>= 4.3) - framework: netstandard11, netstandard13
      System.Diagnostics.Debug (>= 4.3) - framework: netstandard13
      System.Diagnostics.Tracing (>= 4.3) - framework: netstandard11, netstandard13
      System.Reflection (>= 4.3) - framework: netstandard11, netstandard13
      System.Runtime (>= 4.3) - framework: netstandard11, netstandard13
      System.Runtime.Extensions (>= 4.3) - framework: netstandard13
      System.Threading (>= 4.3) - framework: netstandard11, netstandard13
    System.Diagnostics.Tools (4.3)
      Microsoft.NETCore.Platforms (>= 1.1) - framework: dnxcore50, >= netstandard10
      Microsoft.NETCore.Targets (>= 1.1) - framework: dnxcore50, >= netstandard10
      System.Runtime (>= 4.3) - framework: dnxcore50, >= netstandard10
    System.Diagnostics.Tracing (4.3) - framework: netstandard13
      Microsoft.NETCore.Platforms (>= 1.1) - framework: dnxcore50, netstandard11, netstandard12, netstandard13, >= netstandard15
      Microsoft.NETCore.Targets (>= 1.1) - framework: dnxcore50, netstandard11, netstandard12, netstandard13, >= netstandard15
      System.Runtime (>= 4.3) - framework: dnxcore50, netstandard11, netstandard12, netstandard13, >= netstandard15
    System.Dynamic.Runtime (4.3)
      System.Collections (>= 4.3) - framework: dnxcore50, >= netstandard13
      System.Diagnostics.Debug (>= 4.3) - framework: dnxcore50, >= netstandard13
      System.Globalization (>= 4.3) - framework: dnxcore50
      System.Linq (>= 4.3) - framework: dnxcore50, >= netstandard13
      System.Linq.Expressions (>= 4.3) - framework: dnxcore50, netstandard10, >= netstandard13
      System.ObjectModel (>= 4.3) - framework: dnxcore50, netstandard10, >= netstandard13
      System.Reflection (>= 4.3) - framework: dnxcore50, netstandard10, >= netstandard13
      System.Reflection.Emit (>= 4.3) - framework: >= netstandard13
      System.Reflection.Emit.ILGeneration (>= 4.3) - framework: >= netstandard13
      System.Reflection.Primitives (>= 4.3) - framework: >= netstandard13
      System.Reflection.TypeExtensions (>= 4.3) - framework: dnxcore50, >= netstandard13
      System.Resources.ResourceManager (>= 4.3) - framework: dnxcore50, >= netstandard13
      System.Runtime (>= 4.3) - framework: dnxcore50, netstandard10, >= netstandard13
      System.Runtime.Extensions (>= 4.3) - framework: dnxcore50, >= netstandard13
      System.Threading (>= 4.3) - framework: dnxcore50, >= netstandard13
    System.Globalization (4.3)
      Microsoft.NETCore.Platforms (>= 1.1) - framework: dnxcore50, netstandard10, >= netstandard13
      Microsoft.NETCore.Targets (>= 1.1) - framework: dnxcore50, netstandard10, >= netstandard13
      System.Runtime (>= 4.3) - framework: dnxcore50, netstandard10, >= netstandard13
    System.Globalization.Calendars (4.3) - framework: netstandard13
      Microsoft.NETCore.Platforms (>= 1.1) - framework: >= netstandard13
      Microsoft.NETCore.Targets (>= 1.1) - framework: >= netstandard13
      System.Globalization (>= 4.3) - framework: >= netstandard13
      System.Runtime (>= 4.3) - framework: >= netstandard13
    System.IO (4.3)
      Microsoft.NETCore.Platforms (>= 1.1) - framework: dnxcore50, netstandard10, netstandard13, >= netstandard15
      Microsoft.NETCore.Targets (>= 1.1) - framework: dnxcore50, netstandard10, netstandard13, >= netstandard15
      System.Runtime (>= 4.3) - framework: dnxcore50, netstandard10, netstandard13, >= netstandard15
      System.Text.Encoding (>= 4.3) - framework: dnxcore50, netstandard10, netstandard13, >= netstandard15
      System.Threading.Tasks (>= 4.3) - framework: dnxcore50, netstandard10, netstandard13, >= netstandard15
    System.IO.Compression (4.3) - framework: netstandard13
      Microsoft.NETCore.Platforms (>= 1.1) - framework: >= netstandard13
      runtime.native.System (>= 4.3) - framework: >= netstandard13
      runtime.native.System.IO.Compression (>= 4.3) - framework: dnxcore50, >= netstandard13
      System.Buffers (>= 4.3) - framework: dnxcore50, >= netstandard13
      System.Collections (>= 4.3) - framework: dnxcore50, >= netstandard13
      System.Diagnostics.Debug (>= 4.3) - framework: dnxcore50, >= netstandard13
      System.IO (>= 4.3) - framework: dnxcore50, netstandard11, >= netstandard13
      System.Resources.ResourceManager (>= 4.3) - framework: dnxcore50, >= netstandard13
      System.Runtime (>= 4.3) - framework: dnxcore50, netstandard11, >= netstandard13
      System.Runtime.Extensions (>= 4.3) - framework: dnxcore50, >= netstandard13
      System.Runtime.Handles (>= 4.3) - framework: dnxcore50, >= netstandard13
      System.Runtime.InteropServices (>= 4.3) - framework: dnxcore50, >= netstandard13
      System.Text.Encoding (>= 4.3) - framework: dnxcore50, netstandard11, >= netstandard13
      System.Threading (>= 4.3) - framework: dnxcore50, >= netstandard13
      System.Threading.Tasks (>= 4.3) - framework: dnxcore50, >= netstandard13
    System.IO.Compression.ZipFile (4.3) - framework: netstandard13
      System.Buffers (>= 4.3) - framework: >= netstandard13
      System.IO (>= 4.3) - framework: >= netstandard13
      System.IO.Compression (>= 4.3) - framework: >= netstandard13
      System.IO.FileSystem (>= 4.3) - framework: >= netstandard13
      System.IO.FileSystem.Primitives (>= 4.3) - framework: >= netstandard13
      System.Resources.ResourceManager (>= 4.3) - framework: >= netstandard13
      System.Runtime (>= 4.3) - framework: >= netstandard13
      System.Runtime.Extensions (>= 4.3) - framework: >= netstandard13
      System.Text.Encoding (>= 4.3) - framework: >= netstandard13
    System.IO.FileSystem (4.3)
      Microsoft.NETCore.Platforms (>= 1.1) - framework: >= netstandard13
      Microsoft.NETCore.Targets (>= 1.1) - framework: >= netstandard13
      System.IO (>= 4.3) - framework: >= netstandard13
      System.IO.FileSystem.Primitives (>= 4.3) - framework: >= net46, >= netstandard13
      System.Runtime (>= 4.3) - framework: >= netstandard13
      System.Runtime.Handles (>= 4.3) - framework: >= netstandard13
      System.Text.Encoding (>= 4.3) - framework: >= netstandard13
      System.Threading.Tasks (>= 4.3) - framework: >= netstandard13
    System.IO.FileSystem.Primitives (4.3)
      System.Runtime (>= 4.3) - framework: >= netstandard13
    System.Linq (4.3)
      System.Collections (>= 4.3) - framework: dnxcore50, netstandard10, >= netstandard15
      System.Diagnostics.Debug (>= 4.3) - framework: dnxcore50, >= netstandard15
      System.Resources.ResourceManager (>= 4.3) - framework: dnxcore50, >= netstandard15
      System.Runtime (>= 4.3) - framework: dnxcore50, netstandard10, >= netstandard15
      System.Runtime.Extensions (>= 4.3) - framework: dnxcore50, >= netstandard15
    System.Linq.Expressions (4.3)
      System.Collections (>= 4.3) - framework: dnxcore50, >= netstandard15
      System.Diagnostics.Debug (>= 4.3) - framework: dnxcore50, >= netstandard15
      System.Globalization (>= 4.3) - framework: dnxcore50, >= netstandard15
      System.IO (>= 4.3) - framework: dnxcore50, >= netstandard15
      System.Linq (>= 4.3) - framework: dnxcore50, >= netstandard15
      System.ObjectModel (>= 4.3) - framework: >= netstandard15
      System.Reflection (>= 4.3) - framework: dnxcore50, netstandard10, netstandard13, >= netstandard15
      System.Reflection.Emit (>= 4.3) - framework: >= netstandard15
      System.Reflection.Emit.ILGeneration (>= 4.3) - framework: dnxcore50, >= netstandard15
      System.Reflection.Emit.Lightweight (>= 4.3) - framework: dnxcore50, >= netstandard15
      System.Reflection.Extensions (>= 4.3) - framework: dnxcore50, >= netstandard15
      System.Reflection.Primitives (>= 4.3) - framework: dnxcore50, >= netstandard15
      System.Reflection.TypeExtensions (>= 4.3) - framework: dnxcore50, >= netstandard15
      System.Resources.ResourceManager (>= 4.3) - framework: dnxcore50, >= netstandard15
      System.Runtime (>= 4.3) - framework: dnxcore50, netstandard10, netstandard13, >= netstandard15
      System.Runtime.Extensions (>= 4.3) - framework: dnxcore50, >= netstandard15
      System.Threading (>= 4.3) - framework: dnxcore50, >= netstandard15
    System.Net.Http (4.3.3) - framework: netstandard13
      Microsoft.NETCore.Platforms (>= 1.1) - framework: dnxcore50, netstandard13, >= netstandard15
      Microsoft.Win32.Primitives (>= 4.3) - framework: netstandard13
      System.Collections (>= 4.3) - framework: dnxcore50, netstandard13, >= netstandard15
      System.Diagnostics.Debug (>= 4.3) - framework: dnxcore50, netstandard13, >= netstandard15
      System.Diagnostics.DiagnosticSource (>= 4.3) - framework: dnxcore50, netstandard13, >= netstandard15
      System.Diagnostics.Tracing (>= 4.3) - framework: dnxcore50, netstandard13, >= netstandard15
      System.Globalization (>= 4.3) - framework: dnxcore50, netstandard13, >= netstandard15
      System.IO (>= 4.3) - framework: dnxcore50, netstandard11, netstandard13, >= netstandard15
      System.IO.Compression (>= 4.3) - framework: netstandard13
      System.Net.Primitives (>= 4.3) - framework: dnxcore50, netstandard11, netstandard13, >= netstandard15
      System.Resources.ResourceManager (>= 4.3) - framework: dnxcore50, netstandard13, >= netstandard15
      System.Runtime (>= 4.3) - framework: dnxcore50, netstandard11, netstandard13, >= netstandard15
      System.Runtime.Extensions (>= 4.3) - framework: dnxcore50, netstandard13, >= netstandard15
      System.Runtime.Handles (>= 4.3) - framework: netstandard13, >= netstandard15
      System.Runtime.InteropServices (>= 4.3) - framework: dnxcore50, netstandard13, >= netstandard15
      System.Security.Cryptography.Encoding (>= 4.3) - framework: netstandard13, >= netstandard15
      System.Security.Cryptography.X509Certificates (>= 4.3) - framework: >= net46, dnxcore50, netstandard13, >= netstandard15
      System.Text.Encoding (>= 4.3) - framework: dnxcore50, netstandard11, netstandard13, >= netstandard15
      System.Threading (>= 4.3) - framework: dnxcore50, netstandard13, >= netstandard15
      System.Threading.Tasks (>= 4.3) - framework: dnxcore50, netstandard11, netstandard13, >= netstandard15
    System.Net.Primitives (4.3) - framework: netstandard10, netstandard13
      Microsoft.NETCore.Platforms (>= 1.1) - framework: dnxcore50, netstandard10, netstandard11, >= netstandard13
      Microsoft.NETCore.Targets (>= 1.1) - framework: dnxcore50, netstandard10, netstandard11, >= netstandard13
      System.Runtime (>= 4.3) - framework: dnxcore50, netstandard10, netstandard11, >= netstandard13
      System.Runtime.Handles (>= 4.3) - framework: dnxcore50, >= netstandard13
    System.Net.Sockets (4.3) - framework: netstandard13
      Microsoft.NETCore.Platforms (>= 1.1) - framework: >= netstandard13
      Microsoft.NETCore.Targets (>= 1.1) - framework: >= netstandard13
      System.IO (>= 4.3) - framework: >= netstandard13
      System.Net.Primitives (>= 4.3) - framework: >= netstandard13
      System.Runtime (>= 4.3) - framework: >= netstandard13
      System.Threading.Tasks (>= 4.3) - framework: >= netstandard13
    System.ObjectModel (4.3)
      System.Collections (>= 4.3) - framework: dnxcore50, >= netstandard13
      System.Diagnostics.Debug (>= 4.3) - framework: dnxcore50, >= netstandard13
      System.Resources.ResourceManager (>= 4.3) - framework: dnxcore50, >= netstandard13
      System.Runtime (>= 4.3) - framework: dnxcore50, netstandard10, >= netstandard13
      System.Threading (>= 4.3) - framework: dnxcore50, >= netstandard13
    System.Reflection (4.3)
      Microsoft.NETCore.Platforms (>= 1.1) - framework: dnxcore50, netstandard10, netstandard13, >= netstandard15
      Microsoft.NETCore.Targets (>= 1.1) - framework: dnxcore50, netstandard10, netstandard13, >= netstandard15
      System.IO (>= 4.3) - framework: dnxcore50, netstandard10, netstandard13, >= netstandard15
      System.Reflection.Primitives (>= 4.3) - framework: dnxcore50, netstandard10, netstandard13, >= netstandard15
      System.Runtime (>= 4.3) - framework: dnxcore50, netstandard10, netstandard13, >= netstandard15
    System.Reflection.Emit (4.3)
      System.IO (>= 4.3) - framework: >= netstandard11
      System.Reflection (>= 4.3) - framework: >= netstandard11
      System.Reflection.Emit.ILGeneration (>= 4.3) - framework: >= netstandard11
      System.Reflection.Primitives (>= 4.3) - framework: >= netstandard11
      System.Runtime (>= 4.3) - framework: >= netstandard11
    System.Reflection.Emit.ILGeneration (4.3)
      System.Reflection (>= 4.3) - framework: >= netstandard10
      System.Reflection.Primitives (>= 4.3) - framework: >= netstandard10
      System.Runtime (>= 4.3) - framework: >= netstandard10
    System.Reflection.Emit.Lightweight (4.3)
      System.Reflection (>= 4.3) - framework: >= netstandard10
      System.Reflection.Emit.ILGeneration (>= 4.3) - framework: >= netstandard10
      System.Reflection.Primitives (>= 4.3) - framework: >= netstandard10
      System.Runtime (>= 4.3) - framework: >= netstandard10
    System.Reflection.Extensions (4.3)
      Microsoft.NETCore.Platforms (>= 1.1) - framework: dnxcore50, >= netstandard10
      Microsoft.NETCore.Targets (>= 1.1) - framework: dnxcore50, >= netstandard10
      System.Reflection (>= 4.3) - framework: dnxcore50, >= netstandard10
      System.Runtime (>= 4.3) - framework: dnxcore50, >= netstandard10
    System.Reflection.Primitives (4.3)
      Microsoft.NETCore.Platforms (>= 1.1) - framework: dnxcore50, >= netstandard10
      Microsoft.NETCore.Targets (>= 1.1) - framework: dnxcore50, >= netstandard10
      System.Runtime (>= 4.3) - framework: dnxcore50, >= netstandard10
    System.Reflection.TypeExtensions (4.3)
      System.Diagnostics.Contracts (>= 4.3) - framework: dnxcore50
      System.Diagnostics.Debug (>= 4.3) - framework: dnxcore50
      System.Linq (>= 4.3) - framework: dnxcore50
      System.Reflection (>= 4.3) - framework: dnxcore50, netstandard13, >= netstandard15
      System.Reflection.Primitives (>= 4.3) - framework: dnxcore50
      System.Resources.ResourceManager (>= 4.3) - framework: dnxcore50
      System.Runtime (>= 4.3) - framework: dnxcore50, netstandard13, >= netstandard15
      System.Runtime.Extensions (>= 4.3) - framework: dnxcore50
    System.Resources.ResourceManager (4.3)
      Microsoft.NETCore.Platforms (>= 1.1) - framework: dnxcore50, >= netstandard10
      Microsoft.NETCore.Targets (>= 1.1) - framework: dnxcore50, >= netstandard10
      System.Globalization (>= 4.3) - framework: dnxcore50, >= netstandard10
      System.Reflection (>= 4.3) - framework: dnxcore50, >= netstandard10
      System.Runtime (>= 4.3) - framework: dnxcore50, >= netstandard10
    System.Runtime (4.3)
      Microsoft.NETCore.Platforms (>= 1.1) - framework: dnxcore50, netstandard10, netstandard12, netstandard13, >= netstandard15
      Microsoft.NETCore.Targets (>= 1.1) - framework: dnxcore50, netstandard10, netstandard12, netstandard13, >= netstandard15
    System.Runtime.Extensions (4.3)
      Microsoft.NETCore.Platforms (>= 1.1) - framework: dnxcore50, netstandard10, netstandard13, >= netstandard15
      Microsoft.NETCore.Targets (>= 1.1) - framework: dnxcore50, netstandard10, netstandard13, >= netstandard15
      System.Runtime (>= 4.3) - framework: dnxcore50, netstandard10, netstandard13, >= netstandard15
    System.Runtime.Handles (4.3)
      Microsoft.NETCore.Platforms (>= 1.1) - framework: >= netstandard13
      Microsoft.NETCore.Targets (>= 1.1) - framework: >= netstandard13
      System.Runtime (>= 4.3) - framework: >= netstandard13
    System.Runtime.InteropServices (4.3)
      Microsoft.NETCore.Platforms (>= 1.1) - framework: dnxcore50, netstandard11, netstandard12, netstandard13, >= netstandard15
      Microsoft.NETCore.Targets (>= 1.1) - framework: dnxcore50, netstandard11, netstandard12, netstandard13, >= netstandard15
      System.Reflection (>= 4.3) - framework: dnxcore50, netstandard11, netstandard12, netstandard13, >= netstandard15
      System.Reflection.Primitives (>= 4.3) - framework: dnxcore50, netstandard11, netstandard12, netstandard13, >= netstandard15
      System.Runtime (>= 4.3) - framework: dnxcore50, netstandard11, netstandard12, netstandard13, >= netstandard15
      System.Runtime.Handles (>= 4.3) - framework: dnxcore50, netstandard13, >= netstandard15
    System.Runtime.InteropServices.RuntimeInformation (4.3) - framework: netstandard13
      runtime.native.System (>= 4.3) - framework: >= netstandard11
      System.Reflection (>= 4.3) - framework: dnxcore50, >= netstandard11
      System.Reflection.Extensions (>= 4.3) - framework: dnxcore50, >= netstandard11
      System.Resources.ResourceManager (>= 4.3) - framework: dnxcore50, >= netstandard11
      System.Runtime (>= 4.3) - framework: dnxcore50, >= netstandard11
      System.Runtime.InteropServices (>= 4.3) - framework: >= netstandard11
      System.Threading (>= 4.3) - framework: dnxcore50, >= netstandard11
    System.Runtime.Numerics (4.3) - framework: netstandard13
      System.Globalization (>= 4.3) - framework: dnxcore50, >= netstandard13
      System.Resources.ResourceManager (>= 4.3) - framework: dnxcore50, >= netstandard13
      System.Runtime (>= 4.3) - framework: dnxcore50, netstandard11, >= netstandard13
      System.Runtime.Extensions (>= 4.3) - framework: dnxcore50, >= netstandard13
    System.Runtime.Serialization.Formatters (4.3) - framework: netstandard13
      System.Runtime (>= 4.3) - framework: >= netstandard13
      System.Runtime.Serialization.Primitives (>= 4.3) - framework: >= net46, >= netstandard13
    System.Runtime.Serialization.Primitives (4.3)
      System.Resources.ResourceManager (>= 4.3) - framework: dnxcore50, >= netstandard13
      System.Runtime (>= 4.3) - framework: dnxcore50, netstandard10, >= netstandard13
    System.Security.Cryptography.Algorithms (4.3.1) - framework: netstandard13
      System.IO (>= 4.3) - framework: dnxcore50, >= netstandard13
      System.Runtime (>= 4.3) - framework: dnxcore50, >= netstandard13
      System.Security.Cryptography.Primitives (>= 4.3) - framework: net46, >= net461, dnxcore50, >= netstandard13
    System.Security.Cryptography.Encoding (4.3) - framework: netstandard13
      Microsoft.NETCore.Platforms (>= 1.1) - framework: >= netstandard13
      runtime.native.System.Security.Cryptography.OpenSsl (>= 4.3) - framework: >= netstandard13
      System.Collections (>= 4.3) - framework: >= netstandard13
      System.Collections.Concurrent (>= 4.3) - framework: >= netstandard13
      System.Linq (>= 4.3) - framework: >= netstandard13
      System.Resources.ResourceManager (>= 4.3) - framework: >= netstandard13
      System.Runtime (>= 4.3) - framework: >= netstandard13
      System.Runtime.Extensions (>= 4.3) - framework: >= netstandard13
      System.Runtime.Handles (>= 4.3) - framework: >= netstandard13
      System.Runtime.InteropServices (>= 4.3) - framework: >= netstandard13
      System.Security.Cryptography.Primitives (>= 4.3) - framework: >= netstandard13
      System.Text.Encoding (>= 4.3) - framework: >= netstandard13
    System.Security.Cryptography.Primitives (4.3) - framework: netstandard13
      System.Diagnostics.Debug (>= 4.3) - framework: >= netstandard13
      System.Globalization (>= 4.3) - framework: >= netstandard13
      System.IO (>= 4.3) - framework: >= netstandard13
      System.Resources.ResourceManager (>= 4.3) - framework: >= netstandard13
      System.Runtime (>= 4.3) - framework: >= netstandard13
      System.Threading (>= 4.3) - framework: >= netstandard13
      System.Threading.Tasks (>= 4.3) - framework: >= netstandard13
    System.Security.Cryptography.X509Certificates (4.3.2) - framework: netstandard13
      System.Runtime (>= 4.3) - framework: dnxcore50, >= netstandard13
      System.Runtime.Handles (>= 4.3) - framework: dnxcore50, >= netstandard13
      System.Security.Cryptography.Algorithms (>= 4.3) - framework: net46, >= net461, dnxcore50, >= netstandard13
      System.Security.Cryptography.Encoding (>= 4.3) - framework: net46, >= net461, dnxcore50, >= netstandard13
    System.Text.Encoding (4.3)
      Microsoft.NETCore.Platforms (>= 1.1) - framework: dnxcore50, netstandard10, >= netstandard13
      Microsoft.NETCore.Targets (>= 1.1) - framework: dnxcore50, netstandard10, >= netstandard13
      System.Runtime (>= 4.3) - framework: dnxcore50, netstandard10, >= netstandard13
    System.Text.Encoding.Extensions (4.3)
      Microsoft.NETCore.Platforms (>= 1.1) - framework: dnxcore50, netstandard10, >= netstandard13
      Microsoft.NETCore.Targets (>= 1.1) - framework: dnxcore50, netstandard10, >= netstandard13
      System.Runtime (>= 4.3) - framework: dnxcore50, netstandard10, >= netstandard13
      System.Text.Encoding (>= 4.3) - framework: dnxcore50, netstandard10, >= netstandard13
    System.Text.RegularExpressions (4.3)
      System.Collections (>= 4.3) - framework: dnxcore50, >= netstandard15
      System.Globalization (>= 4.3) - framework: dnxcore50, >= netstandard15
      System.Resources.ResourceManager (>= 4.3) - framework: dnxcore50, >= netstandard15
      System.Runtime (>= 4.3) - framework: dnxcore50, netstandard10, netstandard13, >= netstandard15
      System.Runtime.Extensions (>= 4.3) - framework: dnxcore50, >= netstandard15
      System.Threading (>= 4.3) - framework: dnxcore50, >= netstandard15
    System.Threading (4.3)
      System.Runtime (>= 4.3) - framework: dnxcore50, netstandard10, >= netstandard13
      System.Threading.Tasks (>= 4.3) - framework: dnxcore50, netstandard10, >= netstandard13
    System.Threading.Tasks (4.3)
      Microsoft.NETCore.Platforms (>= 1.1) - framework: dnxcore50, netstandard10, >= netstandard13
      Microsoft.NETCore.Targets (>= 1.1) - framework: dnxcore50, netstandard10, >= netstandard13
      System.Runtime (>= 4.3) - framework: dnxcore50, netstandard10, >= netstandard13
    System.Threading.Tasks.Extensions (4.3)
      System.Collections (>= 4.3) - framework: >= netstandard10
      System.Runtime (>= 4.3) - framework: >= netstandard10
      System.Threading.Tasks (>= 4.3) - framework: >= netstandard10
    System.Threading.Timer (4.3) - framework: netstandard13
      Microsoft.NETCore.Platforms (>= 1.1) - framework: dnxcore50, >= netstandard12
      Microsoft.NETCore.Targets (>= 1.1) - framework: dnxcore50, >= netstandard12
      System.Runtime (>= 4.3) - framework: dnxcore50, >= netstandard12
    System.Xml.ReaderWriter (4.3)
      System.Collections (>= 4.3) - framework: dnxcore50, >= netstandard13
      System.Diagnostics.Debug (>= 4.3) - framework: dnxcore50, >= netstandard13
      System.Globalization (>= 4.3) - framework: dnxcore50, >= netstandard13
      System.IO (>= 4.3) - framework: dnxcore50, netstandard10, >= netstandard13
      System.IO.FileSystem (>= 4.3) - framework: dnxcore50, >= netstandard13
      System.IO.FileSystem.Primitives (>= 4.3) - framework: dnxcore50, >= netstandard13
      System.Resources.ResourceManager (>= 4.3) - framework: dnxcore50, >= netstandard13
      System.Runtime (>= 4.3) - framework: dnxcore50, netstandard10, >= netstandard13
      System.Runtime.Extensions (>= 4.3) - framework: dnxcore50, >= netstandard13
      System.Runtime.InteropServices (>= 4.3) - framework: dnxcore50, >= netstandard13
      System.Text.Encoding (>= 4.3) - framework: dnxcore50, netstandard10, >= netstandard13
      System.Text.Encoding.Extensions (>= 4.3) - framework: dnxcore50, >= netstandard13
      System.Text.RegularExpressions (>= 4.3) - framework: dnxcore50, >= netstandard13
      System.Threading.Tasks (>= 4.3) - framework: dnxcore50, netstandard10, >= netstandard13
      System.Threading.Tasks.Extensions (>= 4.3) - framework: dnxcore50, >= netstandard13
    System.Xml.XDocument (4.3)
      System.Collections (>= 4.3) - framework: dnxcore50, >= netstandard13
      System.Diagnostics.Debug (>= 4.3) - framework: dnxcore50, >= netstandard13
      System.Diagnostics.Tools (>= 4.3) - framework: dnxcore50, >= netstandard13
      System.Globalization (>= 4.3) - framework: dnxcore50, >= netstandard13
      System.IO (>= 4.3) - framework: dnxcore50, netstandard10, >= netstandard13
      System.Reflection (>= 4.3) - framework: dnxcore50, >= netstandard13
      System.Resources.ResourceManager (>= 4.3) - framework: dnxcore50, >= netstandard13
      System.Runtime (>= 4.3) - framework: dnxcore50, netstandard10, >= netstandard13
      System.Runtime.Extensions (>= 4.3) - framework: dnxcore50, >= netstandard13
      System.Text.Encoding (>= 4.3) - framework: dnxcore50, >= netstandard13
      System.Threading (>= 4.3) - framework: dnxcore50, >= netstandard13
      System.Xml.ReaderWriter (>= 4.3) - framework: dnxcore50, netstandard10, >= netstandard13
    System.Xml.XmlDocument (4.3) - framework: netstandard13
      System.Collections (>= 4.3) - framework: >= netstandard13
      System.Diagnostics.Debug (>= 4.3) - framework: >= netstandard13
      System.Globalization (>= 4.3) - framework: >= netstandard13
      System.IO (>= 4.3) - framework: >= netstandard13
      System.Resources.ResourceManager (>= 4.3) - framework: >= netstandard13
      System.Runtime (>= 4.3) - framework: >= netstandard13
      System.Runtime.Extensions (>= 4.3) - framework: >= netstandard13
      System.Text.Encoding (>= 4.3) - framework: >= netstandard13
      System.Threading (>= 4.3) - framework: >= netstandard13
      System.Xml.ReaderWriter (>= 4.3) - framework: >= netstandard13
    YamlDotNet (3.0)
